PATH
  remote: .
  specs:
    gettext-one_sky (0.0.1)
      gettext (~> 0.5.0)
      one_sky (~> 0.0.2)
      module GetText (~> 0.14.4)

GEM
  remote: http://rubygems.org/
  specs:
    diff-lcs (1.1.2)
    gettext (0.5.0)
    json (1.4.6)
    mime-types (1.16)
    one_sky (0.0.2)
      json (~> 1.4.6)
      rest-client (~> 1.6.1)
    rest-client (1.6.1)
      mime-types (>= 1.16)
    rspec (2.2.0)
      rspec-core (~> 2.2)
      rspec-expectations (~> 2.2)
      rspec-mocks (~> 2.2)
    rspec-core (2.2.1)
    rspec-expectations (2.2.0)
      diff-lcs (~> 1.1.2)
    rspec-mocks (2.2.0)
    module GetText (0.14.6)

PLATFORMS
  ruby

DEPENDENCIES
  bundler (~> 1.0.0)
  gettext (~> 0.5.0)
  gettext-one_sky!
  one_sky (~> 0.0.2)
  rspec (~> 2.2.0)
  module GetText (~> 0.14.4)
